FRAMEWORK: NET45
NUGET
  remote: https://vrvis.myget.org/F/aardvark_public
    Aardvark.Base (2.4.8)
      DevILSharp (>= 0.0.11 < 0.1)
    Aardvark.Base.Essentials (2.4.8)
      Aardvark.Base (>= 2.4.8)
      System.Collections.Immutable (>= 1.2 < 1.3)
      System.Reactive.Linq (>= 3.0 < 3.1)
    Aardvark.Base.FSharp (2.4.8)
      Aardvark.Base (>= 2.4.8)
      DevILSharp (>= 0.0.11 < 0.1)
    Aardvark.Base.Incremental (2.4.8)
      Aardvark.Base (>= 2.4.8)
      Aardvark.Base.Essentials (>= 2.4.8)
      Aardvark.Base.FSharp (>= 2.4.8)
      System.Reactive.Core (>= 3.0 < 3.1)
      System.Reactive.Interfaces (>= 3.0 < 3.1)
      System.Reactive.Linq (>= 3.0 < 3.1)
    Aardvark.Base.Runtime (2.4.8)
      Aardvark.Base (>= 2.4.8)
      Aardvark.Base.Essentials (>= 2.4.8)
      Aardvark.Base.FSharp (>= 2.4.8)
      Aardvark.Base.Incremental (>= 2.4.8)
      System.Reactive.Core (>= 3.0 < 3.1)
      System.Reactive.Interfaces (>= 3.0 < 3.1)
      System.Reactive.Linq (>= 3.0 < 3.1)
    Aardvark.Compiler.DomainTypes (0.0.10)
    Fablish (1.2.7)
      Aardvark.Base.FSharp (>= 2.4.5 < 2.5)
      Another.Unofficial.Xilium.CefGlue (0.0.9)
      Another.Unofficial.Xilium.CefGlue.WindowsForms (0.0.9)
      FsPickler.Json (>= 3.2 < 3.3)
      SharpZipLib (>= 0.86 < 0.87)
    FShade (3.0.0)
      FShade.Core (3.0)
      FShade.GLSL (3.0)
      FShade.Imperative (3.0)
      FShade.SpirV (3.0)
    FShade.Core (3.0.0)
      Aardvark.Base (>= 2.4.8 < 2.5)
      Aardvark.Base.FSharp (>= 2.4.8 < 2.5)
      FShade.Imperative (>= 3.0)
    FShade.GLSL (3.0.0)
      Aardvark.Base (>= 2.4.8 < 2.5)
      Aardvark.Base.FSharp (>= 2.4.8 < 2.5)
      FShade.Core (>= 3.0)
      FShade.Imperative (>= 3.0)
    FShade.Imperative (3.0.0)
      Aardvark.Base (>= 2.4.8 < 2.5)
      Aardvark.Base.FSharp (>= 2.4.8 < 2.5)
    FShade.SpirV (3.0.0)
      Aardvark.Base (>= 2.4.8 < 2.5)
      Aardvark.Base.FSharp (>= 2.4.8 < 2.5)
      FShade.Core (>= 3.0)
      FShade.Imperative (>= 3.0)
    GLSLangSharp (0.3.2)
      Aardvark.Base (>= 2.4.1)
      Aardvark.Base.FSharp (>= 2.4.1)
    NanoVgSharp (2.1.0)
      Aardvark.Base (>= 2.1)
      Aardvark.Base.FSharp (>= 2.1)
      Aardvark.Base.Incremental (>= 2.1)
  remote: https://api.nuget.org/v3/index.json
    Another.Unofficial.Xilium.CefGlue (0.0.9)
    Another.Unofficial.Xilium.CefGlue.UnpackNativeDependencies (0.0.9)
      SharpZipLib (>= 0.86 < 0.87)
    Another.Unofficial.Xilium.CefGlue.WindowsForms (0.0.9)
      Another.Unofficial.Xilium.CefGlue (0.0.9)
    AssimpNet (3.3.2)
    BruTile (0.12)
    Clipper (6.4)
    CommonMark.NET (0.12)
    DevILSharp (0.0.13)
    DockPanelSuite (2.10.0-beta2)
    DockPanelSuite.ThemeVS2012Light (2.10.0-beta2)
      DockPanelSuite (>= 2.10.0-beta2)
    DockPanelSuite.ThemeVS2013Blue (2.10.0-beta2)
      DockPanelSuite (>= 2.10.0-beta2)
    FSharp.Charting (0.90.14)
    FSharp.Core (4.0.0.1)
    FSharp.Quotations.Evaluator (1.0.7)
    FsPickler (3.2)
    FsPickler.Json (3.2)
      FsPickler (3.2)
      Newtonsoft.Json (>= 6.0.5)
    FsUnit (2.1)
      FSharp.Core (>= 3.1.2.5)
      NUnit (3.2)
    Newtonsoft.Json (9.0.1)
    NUnit (3.2)
    NUnit.Console (3.2.1)
      NUnit.ConsoleRunner (3.2.1)
      NUnit.Extension.NUnitProjectLoader (3.2.1)
      NUnit.Extension.NUnitV2Driver (3.2.1)
      NUnit.Extension.NUnitV2ResultWriter (3.2.1)
      NUnit.Extension.VSProjectLoader (3.2.1)
    NUnit.ConsoleRunner (3.2.1)
    NUnit.Extension.NUnitProjectLoader (3.2.1)
    NUnit.Extension.NUnitV2Driver (3.2.1)
    NUnit.Extension.NUnitV2ResultWriter (3.2.1)
    NUnit.Extension.VSProjectLoader (3.2.1)
    OpenHardwareMonitor (0.7.1)
    SharpZipLib (0.86)
    System.Collections.Immutable (1.2)
    System.Reactive.Core (3.0)
      System.Reactive.Interfaces (>= 3.0)
    System.Reactive.Interfaces (3.0)
    System.Reactive.Linq (3.0)
      System.Reactive.Core (>= 3.0)
      System.Reactive.Interfaces (>= 3.0)

GROUP Build
CONTENT: NONE
NUGET
  remote: http://api.nuget.org/v3/index.json
    Chessie (0.5.1) - content: none
      FSharp.Core
    FAKE (4.39) - content: none
    FSharp.Core (4.0.0.1) - content: none
    Microsoft.CSharp (4.0.1) - content: none, framework: >= netstandard10
      System.Collections (>= 4.0.11) - framework: >= net46, dnxcore50, >= netstandard13
      System.Diagnostics.Debug (>= 4.0.11) - framework: >= net46, dnxcore50, >= netstandard13
      System.Dynamic.Runtime (>= 4.0.11) - framework: >= net46, dnxcore50, >= netstandard10
      System.Globalization (>= 4.0.11) - framework: >= net46, dnxcore50, >= netstandard13
      System.Linq (>= 4.1) - framework: >= net46, dnxcore50, >= netstandard13
      System.Linq.Expressions (>= 4.1) - framework: >= net46, dnxcore50, >= netstandard10
      System.ObjectModel (>= 4.0.12) - framework: >= net46, dnxcore50, >= netstandard13
      System.Reflection (>= 4.1) - framework: >= net46, dnxcore50, >= netstandard13
      System.Reflection.Extensions (>= 4.0.1) - framework: >= net46, dnxcore50, >= netstandard13
      System.Reflection.Primitives (>= 4.0.1) - framework: >= net46, dnxcore50, >= netstandard13
      System.Reflection.TypeExtensions (>= 4.1) - framework: >= net46, dnxcore50, >= netstandard13
      System.Resources.ResourceManager (>= 4.0.1) - framework: >= net46, dnxcore50, >= netstandard13
      System.Runtime (>= 4.1) - framework: >= net46, dnxcore50, >= netstandard10
      System.Runtime.Extensions (>= 4.1) - framework: >= net46, dnxcore50, >= netstandard13
      System.Runtime.InteropServices (>= 4.1) - framework: >= net46, dnxcore50, >= netstandard13
      System.Threading (>= 4.0.11) - framework: >= net46, dnxcore50, >= netstandard13
    Microsoft.NETCore.Platforms (1.0.1) - content: none, framework: >= netstandard10
    Microsoft.NETCore.Targets (1.0.1) - content: none, framework: >= netstandard10
    Mono.Cecil (0.9.5.4) - content: none
    Newtonsoft.Json (9.0.1) - content: none
      Microsoft.CSharp (>= 4.0.1) - framework: >= netstandard10
      System.Collections (>= 4.0.11) - framework: >= netstandard10
      System.Diagnostics.Debug (>= 4.0.11) - framework: >= netstandard10
      System.Dynamic.Runtime (>= 4.0.11) - framework: >= netstandard10
      System.Globalization (>= 4.0.11) - framework: >= netstandard10
      System.IO (>= 4.1) - framework: >= netstandard10
      System.Linq (>= 4.1) - framework: >= netstandard10
      System.Linq.Expressions (>= 4.1) - framework: >= netstandard10
      System.ObjectModel (>= 4.0.12) - framework: >= netstandard10
      System.Reflection (>= 4.1) - framework: >= netstandard10
      System.Reflection.Extensions (>= 4.0.1) - framework: >= netstandard10
      System.Resources.ResourceManager (>= 4.0.1) - framework: >= netstandard10
      System.Runtime (>= 4.1) - framework: >= netstandard10
      System.Runtime.Extensions (>= 4.1) - framework: >= netstandard10
      System.Runtime.Serialization.Primitives (>= 4.1.1) - framework: >= netstandard10
      System.Text.Encoding (>= 4.0.11) - framework: >= netstandard10
      System.Text.Encoding.Extensions (>= 4.0.11) - framework: >= netstandard10
      System.Text.RegularExpressions (>= 4.1) - framework: >= netstandard10
      System.Threading (>= 4.0.11) - framework: >= netstandard10
      System.Threading.Tasks (>= 4.0.11) - framework: >= netstandard10
      System.Xml.ReaderWriter (>= 4.0.11) - framework: >= netstandard10
      System.Xml.XDocument (>= 4.0.11) - framework: >= netstandard10
    Paket.Core (3.17.1) - content: none
      Chessie
      FSharp.Core
      Mono.Cecil
      Newtonsoft.Json
    SourceLink.Fake (1.1) - content: none
    System.Collections (4.0.11) - content: none, framework: >= netstandard10
      Microsoft.NETCore.Platforms (>= 1.0.1) - framework: >= net46, dnxcore50, >= netstandard10
      Microsoft.NETCore.Targets (>= 1.0.1) - framework: >= net46, dnxcore50, >= netstandard10
      System.Runtime (>= 4.1) - framework: >= net46, dnxcore50, >= netstandard10
    System.Diagnostics.Debug (4.0.11) - content: none, framework: >= netstandard10
      Microsoft.NETCore.Platforms (>= 1.0.1) - framework: >= net46, dnxcore50, >= netstandard10
      Microsoft.NETCore.Targets (>= 1.0.1) - framework: >= net46, dnxcore50, >= netstandard10
      System.Runtime (>= 4.1) - framework: >= net46, dnxcore50, >= netstandard10
    System.Diagnostics.Tools (4.0.1) - content: none, framework: >= netstandard13
      Microsoft.NETCore.Platforms (>= 1.0.1) - framework: dnxcore50, >= netstandard10
      Microsoft.NETCore.Targets (>= 1.0.1) - framework: dnxcore50, >= netstandard10
      System.Runtime (>= 4.1) - framework: dnxcore50, >= netstandard10
    System.Dynamic.Runtime (4.0.11) - content: none, framework: >= netstandard10
      System.Collections (>= 4.0.11) - framework: >= net46, dnxcore50, >= netstandard13
      System.Diagnostics.Debug (>= 4.0.11) - framework: >= net46, dnxcore50, >= netstandard13
      System.Globalization (>= 4.0.11) - framework: >= net46, dnxcore50, >= netstandard13
      System.Linq (>= 4.1) - framework: >= net46, dnxcore50, >= netstandard13
      System.Linq.Expressions (>= 4.1) - framework: >= net46, dnxcore50, >= netstandard10
      System.ObjectModel (>= 4.0.12) - framework: >= net46, dnxcore50, >= netstandard10
      System.Reflection (>= 4.1) - framework: >= net46, dnxcore50, >= netstandard10
      System.Reflection.Emit (>= 4.0.1) - framework: >= net46, >= netstandard13
      System.Reflection.Emit.ILGeneration (>= 4.0.1) - framework: >= net46, >= netstandard13
      System.Reflection.Primitives (>= 4.0.1) - framework: >= net46, >= netstandard13
      System.Reflection.TypeExtensions (>= 4.1) - framework: >= net46, dnxcore50, >= netstandard13
      System.Resources.ResourceManager (>= 4.0.1) - framework: >= net46, dnxcore50, >= netstandard13
      System.Runtime (>= 4.1) - framework: >= net46, dnxcore50, >= netstandard10
      System.Runtime.Extensions (>= 4.1) - framework: >= net46, dnxcore50, >= netstandard13
      System.Threading (>= 4.0.11) - framework: >= net46, dnxcore50, >= netstandard13
    System.Globalization (4.0.11) - content: none, framework: >= netstandard10
      Microsoft.NETCore.Platforms (>= 1.0.1) - framework: >= net46, dnxcore50, >= netstandard10
      Microsoft.NETCore.Targets (>= 1.0.1) - framework: >= net46, dnxcore50, >= netstandard10
      System.Runtime (>= 4.1) - framework: >= net46, dnxcore50, >= netstandard10
    System.IO (4.1) - content: none, framework: >= netstandard10
      Microsoft.NETCore.Platforms (>= 1.0.1) - framework: net46, >= net462, dnxcore50, >= netstandard10
      Microsoft.NETCore.Targets (>= 1.0.1) - framework: net46, >= net462, dnxcore50, >= netstandard10
      System.Runtime (>= 4.1) - framework: net46, >= net462, dnxcore50, >= netstandard10
      System.Text.Encoding (>= 4.0.11) - framework: net46, >= net462, dnxcore50, >= netstandard10
      System.Threading.Tasks (>= 4.0.11) - framework: net46, >= net462, dnxcore50, >= netstandard10
    System.IO.FileSystem (4.0.1) - content: none, framework: >= netstandard13
      Microsoft.NETCore.Platforms (>= 1.0.1) - framework: >= netstandard13
      Microsoft.NETCore.Targets (>= 1.0.1) - framework: >= netstandard13
      System.IO (>= 4.1) - framework: >= netstandard13
      System.IO.FileSystem.Primitives (>= 4.0.1) - framework: >= net46, >= netstandard13
      System.Runtime (>= 4.1) - framework: >= netstandard13
      System.Runtime.Handles (>= 4.0.1) - framework: >= netstandard13
      System.Text.Encoding (>= 4.0.11) - framework: >= netstandard13
      System.Threading.Tasks (>= 4.0.11) - framework: >= netstandard13
    System.IO.FileSystem.Primitives (4.0.1) - content: none, framework: >= netstandard13
      System.Runtime (>= 4.1) - framework: >= net46, >= netstandard13
    System.Linq (4.1) - content: none, framework: >= netstandard10
      System.Collections (>= 4.0.11) - framework: >= net463, dnxcore50
      System.Diagnostics.Debug (>= 4.0.11) - framework: >= net463, dnxcore50, >= netstandard16
      System.Resources.ResourceManager (>= 4.0.1) - framework: >= net463, dnxcore50, >= netstandard16
      System.Runtime (>= 4.1) - framework: >= net463, dnxcore50
      System.Runtime.Extensions (>= 4.1) - framework: >= net463, dnxcore50, >= netstandard16
    System.Linq.Expressions (4.1) - content: none, framework: >= netstandard10
      System.Collections (>= 4.0.11) - framework: >= net463, dnxcore50, >= netstandard16
      System.Diagnostics.Debug (>= 4.0.11) - framework: >= net463, dnxcore50, >= netstandard16
      System.Globalization (>= 4.0.11) - framework: >= net463, dnxcore50, >= netstandard16
      System.IO (>= 4.1) - framework: >= net463, dnxcore50, >= netstandard16
      System.Linq (>= 4.1) - framework: >= net463, dnxcore50, >= netstandard16
      System.ObjectModel (>= 4.0.12) - framework: >= net463, >= netstandard16
      System.Reflection (>= 4.1) - framework: net46, >= net463, dnxcore50
      System.Reflection.Emit (>= 4.0.1) - framework: >= net463, >= netstandard16
      System.Reflection.Emit.ILGeneration (>= 4.0.1) - framework: >= net463, dnxcore50, >= netstandard16
      System.Reflection.Emit.Lightweight (>= 4.0.1) - framework: >= net463, dnxcore50, >= netstandard16
      System.Reflection.Extensions (>= 4.0.1) - framework: >= net463, dnxcore50, >= netstandard16
      System.Reflection.Primitives (>= 4.0.1) - framework: >= net463, dnxcore50, >= netstandard16
      System.Reflection.TypeExtensions (>= 4.1) - framework: >= net463, dnxcore50, >= netstandard16
      System.Resources.ResourceManager (>= 4.0.1) - framework: >= net463, dnxcore50, >= netstandard16
      System.Runtime (>= 4.1) - framework: net46, >= net463, dnxcore50
      System.Runtime.Extensions (>= 4.1) - framework: >= net463, dnxcore50, >= netstandard16
      System.Threading (>= 4.0.11) - framework: >= net463, dnxcore50, >= netstandard16
    System.ObjectModel (4.0.12) - content: none, framework: >= netstandard10
      System.Collections (>= 4.0.11) - framework: >= net46, dnxcore50, >= netstandard13
      System.Diagnostics.Debug (>= 4.0.11) - framework: >= net46, dnxcore50, >= netstandard13
      System.Resources.ResourceManager (>= 4.0.1) - framework: >= net46, dnxcore50, >= netstandard13
      System.Runtime (>= 4.1) - framework: >= net46, dnxcore50, >= netstandard10
      System.Threading (>= 4.0.11) - framework: >= net46, dnxcore50, >= netstandard13
    System.Reflection (4.1) - content: none, framework: >= netstandard10
      Microsoft.NETCore.Platforms (>= 1.0.1) - framework: net46, >= net462, dnxcore50, >= netstandard10
      Microsoft.NETCore.Targets (>= 1.0.1) - framework: net46, >= net462, dnxcore50, >= netstandard10
      System.IO (>= 4.1) - framework: net46, >= net462, dnxcore50, >= netstandard10
      System.Reflection.Primitives (>= 4.0.1) - framework: net46, >= net462, dnxcore50, >= netstandard10
      System.Runtime (>= 4.1) - framework: net46, >= net462, dnxcore50, >= netstandard10
    System.Reflection.Emit (4.0.1) - content: none, framework: >= netstandard13
      System.IO (>= 4.1) - framework: >= net45, >= netstandard11
      System.Reflection (>= 4.1) - framework: >= net45, >= netstandard11
      System.Reflection.Emit.ILGeneration (>= 4.0.1) - framework: >= net45, >= netstandard11, monotouch, xamarinios
      System.Reflection.Primitives (>= 4.0.1) - framework: >= net45, >= netstandard11
      System.Runtime (>= 4.1) - framework: >= net45, >= netstandard11
    System.Reflection.Emit.ILGeneration (4.0.1) - content: none, framework: >= netstandard13
      System.Reflection (>= 4.1) - framework: >= netstandard10
      System.Reflection.Primitives (>= 4.0.1) - framework: >= netstandard10
      System.Runtime (>= 4.1) - framework: >= netstandard10
    System.Reflection.Emit.Lightweight (4.0.1) - content: none, framework: >= netstandard16
      System.Reflection (>= 4.1) - framework: >= netstandard10
      System.Reflection.Emit.ILGeneration (>= 4.0.1) - framework: >= netstandard10, monoandroid, monotouch, xamarinios, xamarinmac
      System.Reflection.Primitives (>= 4.0.1) - framework: >= netstandard10
      System.Runtime (>= 4.1) - framework: >= netstandard10
    System.Reflection.Extensions (4.0.1) - content: none, framework: >= netstandard10
      Microsoft.NETCore.Platforms (>= 1.0.1) - framework: dnxcore50, >= netstandard10
      Microsoft.NETCore.Targets (>= 1.0.1) - framework: dnxcore50, >= netstandard10
      System.Reflection (>= 4.1) - framework: dnxcore50, >= netstandard10
      System.Runtime (>= 4.1) - framework: dnxcore50, >= netstandard10
    System.Reflection.Primitives (4.0.1) - content: none, framework: >= netstandard10
      Microsoft.NETCore.Platforms (>= 1.0.1) - framework: dnxcore50, >= netstandard10
      Microsoft.NETCore.Targets (>= 1.0.1) - framework: dnxcore50, >= netstandard10
      System.Runtime (>= 4.1) - framework: dnxcore50, >= netstandard10
    System.Reflection.TypeExtensions (4.1) - content: none, framework: >= netstandard13
      System.Reflection (>= 4.1) - framework: >= net462, dnxcore50, netstandard13, >= netstandard15
      System.Runtime (>= 4.1) - framework: dnxcore50, netstandard13, >= netstandard15
    System.Resources.ResourceManager (4.0.1) - content: none, framework: >= netstandard10
      Microsoft.NETCore.Platforms (>= 1.0.1) - framework: dnxcore50, >= netstandard10
      Microsoft.NETCore.Targets (>= 1.0.1) - framework: dnxcore50, >= netstandard10
      System.Globalization (>= 4.0.11) - framework: dnxcore50, >= netstandard10
      System.Reflection (>= 4.1) - framework: dnxcore50, >= netstandard10
      System.Runtime (>= 4.1) - framework: dnxcore50, >= netstandard10
    System.Runtime (4.1) - content: none, framework: >= netstandard10
      Microsoft.NETCore.Platforms (>= 1.0.1) - framework: net451, net452, net453, net46, >= net462, dnxcore50, >= netstandard10
      Microsoft.NETCore.Targets (>= 1.0.1) - framework: net451, net452, net453, net46, >= net462, dnxcore50, >= netstandard10
    System.Runtime.Extensions (4.1) - content: none, framework: >= netstandard10
      Microsoft.NETCore.Platforms (>= 1.0.1) - framework: net46, >= net462, dnxcore50, >= netstandard10
      Microsoft.NETCore.Targets (>= 1.0.1) - framework: net46, >= net462, dnxcore50, >= netstandard10
      System.Runtime (>= 4.1) - framework: net46, >= net462, dnxcore50, >= netstandard10
    System.Runtime.Handles (4.0.1) - content: none, framework: >= netstandard13
      Microsoft.NETCore.Platforms (>= 1.0.1) - framework: >= net46, >= netstandard13
      Microsoft.NETCore.Targets (>= 1.0.1) - framework: >= net46, >= netstandard13
      System.Runtime (>= 4.1) - framework: >= net46, >= netstandard13
    System.Runtime.InteropServices (4.1) - content: none, framework: >= netstandard13
      Microsoft.NETCore.Platforms (>= 1.0.1) - framework: dnxcore50, netstandard11, netstandard12, netstandard13, >= netstandard15
      Microsoft.NETCore.Targets (>= 1.0.1) - framework: dnxcore50, netstandard11, netstandard12, netstandard13, >= netstandard15
      System.Reflection (>= 4.1) - framework: dnxcore50, netstandard11, netstandard12, netstandard13, >= netstandard15
      System.Reflection.Primitives (>= 4.0.1) - framework: dnxcore50, netstandard11, netstandard12, netstandard13, >= netstandard15
      System.Runtime (>= 4.1) - framework: >= net462, dnxcore50, netstandard11, netstandard12, netstandard13, >= netstandard15
      System.Runtime.Handles (>= 4.0.1) - framework: dnxcore50, netstandard13, >= netstandard15
    System.Runtime.Serialization.Primitives (4.1.1) - content: none, framework: >= netstandard10
      System.Resources.ResourceManager (>= 4.0.1) - framework: >= net46, dnxcore50, >= netstandard13
      System.Runtime (>= 4.1) - framework: >= net46, dnxcore50, >= netstandard10
    System.Text.Encoding (4.0.11) - content: none, framework: >= netstandard10
      Microsoft.NETCore.Platforms (>= 1.0.1) - framework: >= net46, dnxcore50, >= netstandard10
      Microsoft.NETCore.Targets (>= 1.0.1) - framework: >= net46, dnxcore50, >= netstandard10
      System.Runtime (>= 4.1) - framework: >= net46, dnxcore50, >= netstandard10
    System.Text.Encoding.Extensions (4.0.11) - content: none, framework: >= netstandard10
      Microsoft.NETCore.Platforms (>= 1.0.1) - framework: >= net46, dnxcore50, >= netstandard10
      Microsoft.NETCore.Targets (>= 1.0.1) - framework: >= net46, dnxcore50, >= netstandard10
      System.Runtime (>= 4.1) - framework: >= net46, dnxcore50, >= netstandard10
      System.Text.Encoding (>= 4.0.11) - framework: >= net46, dnxcore50, >= netstandard10
    System.Text.RegularExpressions (4.1) - content: none, framework: >= netstandard10
      System.Collections (>= 4.0.11) - framework: >= net463, dnxcore50, >= netstandard16
      System.Globalization (>= 4.0.11) - framework: >= net463, dnxcore50, >= netstandard16
      System.Resources.ResourceManager (>= 4.0.1) - framework: >= net463, dnxcore50, >= netstandard16
      System.Runtime (>= 4.1) - framework: net46, >= net463, dnxcore50
      System.Runtime.Extensions (>= 4.1) - framework: >= net463, dnxcore50, >= netstandard16
      System.Threading (>= 4.0.11) - framework: >= net463, dnxcore50, >= netstandard16
    System.Threading (4.0.11) - content: none, framework: >= netstandard10
      System.Runtime (>= 4.1) - framework: >= net46, dnxcore50, >= netstandard10
      System.Threading.Tasks (>= 4.0.11) - framework: >= net46, dnxcore50, >= netstandard10
    System.Threading.Tasks (4.0.11) - content: none, framework: >= netstandard10
      Microsoft.NETCore.Platforms (>= 1.0.1) - framework: >= net46, dnxcore50, >= netstandard10
      Microsoft.NETCore.Targets (>= 1.0.1) - framework: >= net46, dnxcore50, >= netstandard10
      System.Runtime (>= 4.1) - framework: >= net46, dnxcore50, >= netstandard10
    System.Threading.Tasks.Extensions (4.0) - content: none, framework: >= netstandard13
      System.Collections (>= 4.0.11) - framework: >= netstandard10
      System.Runtime (>= 4.1) - framework: >= netstandard10
      System.Threading.Tasks (>= 4.0.11) - framework: >= netstandard10
    System.Xml.ReaderWriter (4.0.11) - content: none, framework: >= netstandard10
      System.Collections (>= 4.0.11) - framework: >= net46, dnxcore50, >= netstandard13
      System.Diagnostics.Debug (>= 4.0.11) - framework: >= net46, dnxcore50, >= netstandard13
      System.Globalization (>= 4.0.11) - framework: >= net46, dnxcore50, >= netstandard13
      System.IO (>= 4.1) - framework: >= net46, dnxcore50, >= netstandard10
      System.IO.FileSystem (>= 4.0.1) - framework: >= net46, dnxcore50, >= netstandard13
      System.IO.FileSystem.Primitives (>= 4.0.1) - framework: >= net46, dnxcore50, >= netstandard13
      System.Resources.ResourceManager (>= 4.0.1) - framework: >= net46, dnxcore50, >= netstandard13
      System.Runtime (>= 4.1) - framework: >= net46, dnxcore50, >= netstandard10
      System.Runtime.Extensions (>= 4.1) - framework: >= net46, dnxcore50, >= netstandard13
      System.Runtime.InteropServices (>= 4.1) - framework: >= net46, dnxcore50, >= netstandard13
      System.Text.Encoding (>= 4.0.11) - framework: >= net46, dnxcore50, >= netstandard10
      System.Text.Encoding.Extensions (>= 4.0.11) - framework: >= net46, dnxcore50, >= netstandard13
      System.Text.RegularExpressions (>= 4.1) - framework: >= net46, dnxcore50, >= netstandard13
      System.Threading.Tasks (>= 4.0.11) - framework: >= net46, dnxcore50, >= netstandard10
      System.Threading.Tasks.Extensions (>= 4.0) - framework: >= net46, dnxcore50, >= netstandard13
    System.Xml.XDocument (4.0.11) - content: none, framework: >= netstandard10
      System.Collections (>= 4.0.11) - framework: >= net46, dnxcore50, >= netstandard13
      System.Diagnostics.Debug (>= 4.0.11) - framework: >= net46, dnxcore50, >= netstandard13
      System.Diagnostics.Tools (>= 4.0.1) - framework: >= net46, dnxcore50, >= netstandard13
      System.Globalization (>= 4.0.11) - framework: >= net46, dnxcore50, >= netstandard13
      System.IO (>= 4.1) - framework: >= net46, dnxcore50, >= netstandard10
      System.Reflection (>= 4.1) - framework: >= net46, dnxcore50, >= netstandard13
      System.Resources.ResourceManager (>= 4.0.1) - framework: >= net46, dnxcore50, >= netstandard13
      System.Runtime (>= 4.1) - framework: >= net46, dnxcore50, >= netstandard10
      System.Runtime.Extensions (>= 4.1) - framework: >= net46, dnxcore50, >= netstandard13
      System.Text.Encoding (>= 4.0.11) - framework: >= net46, dnxcore50, >= netstandard13
      System.Threading (>= 4.0.11) - framework: >= net46, dnxcore50, >= netstandard13
      System.Xml.ReaderWriter (>= 4.0.11) - framework: >= net46, dnxcore50, >= netstandard10
GITHUB
  remote: vrvis/Aardvark.Fake
    FULLPROJECT (c87283d45d9e55a53d66de85dad1455f4fa71c41)
      Chessie (>= 0.5 < 0.6)
      FAKE (< 5.0)
      Mono.Cecil (<= 0.9.5.4)
      Paket.Core (< 4.0)
      SourceLink.Fake