RESTRICTION: == net45
NUGET
  remote: https://vrvis.myget.org/F/aardvark_public/api/v3/index.json
    Aardvark.Base (3.0.35)
      DevilSharp (>= 0.1.1 < 0.2)
    Aardvark.Base.Essentials (3.0.35)
      Aardvark.Base (>= 3.0.35)
      DevilSharp (>= 0.1.1 < 0.2)
      System.Collections.Immutable (>= 1.2)
      System.Reactive.Linq (>= 3.0 < 3.1)
    Aardvark.Base.FSharp (3.0.35)
      Aardvark.Base (>= 3.0.35)
      DevilSharp (>= 0.1.1 < 0.2)
      FSharp.Core (>= 4.0 < 4.1)
    Aardvark.Base.Incremental (3.0.35)
      Aardvark.Base (>= 3.0.35)
      Aardvark.Base.Essentials (>= 3.0.35)
      Aardvark.Base.FSharp (>= 3.0.35)
      DevilSharp (>= 0.1.1 < 0.2)
      FSharp.Core (>= 4.0 < 4.1)
      System.Reactive.Core (>= 3.0 < 3.1)
      System.Reactive.Interfaces (>= 3.0 < 3.1)
      System.Reactive.Linq (>= 3.0 < 3.1)
    Aardvark.Base.Runtime (3.0.35)
      Aardvark.Base (>= 3.0.35)
      Aardvark.Base.Essentials (>= 3.0.35)
      Aardvark.Base.FSharp (>= 3.0.35)
      Aardvark.Base.Incremental (>= 3.0.35)
      DevilSharp (>= 0.1.1 < 0.2)
      FSharp.Core (>= 4.0 < 4.1)
      System.Reactive.Core (>= 3.0 < 3.1)
      System.Reactive.Interfaces (>= 3.0 < 3.1)
      System.Reactive.Linq (>= 3.0 < 3.1)
    DevilSharp (0.1.1)
      FSharp.Core (>= 4.0 < 4.1)
    FShade (3.2.5)
      FShade.Core (3.2.5)
      FShade.GLSL (3.2.5)
      FShade.Imperative (3.2.5)
      FShade.SpirV (3.2.5)
    FShade.Core (3.2.5)
      Aardvark.Base (>= 3.0.35 < 3.1)
      Aardvark.Base.FSharp (>= 3.0.35 < 3.1)
      FShade.Imperative (>= 3.2.5)
      FSharp.Core (>= 4.0 < 4.1)
    FShade.GLSL (3.2.5)
      Aardvark.Base (>= 3.0.35 < 3.1)
      Aardvark.Base.FSharp (>= 3.0.35 < 3.1)
      FShade.Core (>= 3.2.5)
      FShade.Imperative (>= 3.2.5)
      FSharp.Core (>= 4.0 < 4.1)
    FShade.Imperative (3.2.5)
      Aardvark.Base (>= 3.0.35 < 3.1)
      Aardvark.Base.FSharp (>= 3.0.35 < 3.1)
      FSharp.Core (>= 4.0 < 4.1)
    FShade.SpirV (3.2.5)
      Aardvark.Base (>= 3.0.35 < 3.1)
      Aardvark.Base.FSharp (>= 3.0.35 < 3.1)
      FShade.Core (>= 3.2.5)
      FShade.Imperative (>= 3.2.5)
      FSharp.Core (>= 4.0 < 4.1)
    GLSLangSharp (0.3.5)
      Aardvark.Base (>= 3.0.35)
      Aardvark.Base.FSharp (>= 3.0.35)
      FSharp.Core (>= 4.0.0.1)
  remote: https://api.nuget.org/v3/index.json
    Another.Unofficial.Xilium.CefGlue.UnpackNativeDependencies (0.0.9)
      SharpZipLib (>= 0.86 < 0.87)
    BruTile (0.12)
    Clipper (6.4)
    CommonMark.NET (0.12)
    DockPanelSuite (2.10.0-beta2)
    DockPanelSuite.ThemeVS2012Light (2.10.0-beta2)
      DockPanelSuite (>= 2.10.0-beta2)
    DockPanelSuite.ThemeVS2013Blue (2.10.0-beta2)
      DockPanelSuite (>= 2.10.0-beta2)
    FSharp.Charting (0.90.14)
    FSharp.Core (4.0.0.1)
    FSharp.Quotations.Evaluator (1.0.7)
    FsUnit (2.4.0-alpha-2)
    Microsoft.NETCore.Platforms (2.0)
    NETStandard.Library (2.0)
      Microsoft.NETCore.Platforms (>= 1.1)
      System.Runtime.InteropServices.RuntimeInformation (>= 4.3)
    NUnit (3.6.1)
    NUnit.Console (3.6.1)
      NUnit.ConsoleRunner (>= 3.6.1)
      NUnit.Extension.NUnitProjectLoader (>= 3.5)
      NUnit.Extension.NUnitV2Driver (>= 3.6)
      NUnit.Extension.NUnitV2ResultWriter (>= 3.5)
      NUnit.Extension.TeamCityEventListener (>= 1.0.2)
      NUnit.Extension.VSProjectLoader (>= 3.5)
    NUnit.ConsoleRunner (3.6.1)
    NUnit.Extension.NUnitProjectLoader (3.5)
    NUnit.Extension.NUnitV2Driver (3.6)
    NUnit.Extension.NUnitV2ResultWriter (3.5)
    NUnit.Extension.TeamCityEventListener (1.0.2)
    NUnit.Extension.VSProjectLoader (3.5)
    OpenHardwareMonitor (0.7.1)
    SharpDX (4.0.1)
    SharpDX.Direct3D9 (4.0.1)
      SharpDX (>= 4.0.1)
    SharpZipLib (0.86)
    System.Collections.Immutable (1.4)
      NETStandard.Library (>= 1.6.1)
    System.Reactive.Core (3.0)
      System.Reactive.Interfaces (>= 3.0)
    System.Reactive.Interfaces (3.0)
    System.Reactive.Linq (3.0)
      System.Reactive.Core (>= 3.0)
      System.Reactive.Interfaces (>= 3.0)
    System.Runtime.InteropServices.RuntimeInformation (4.3)
  remote: https://vrvis.myget.org/F/aardvark_public
    NanoVgSharp (2.1.0)
      Aardvark.Base (>= 2.1)
      Aardvark.Base.FSharp (>= 2.1)
      Aardvark.Base.Incremental (>= 2.1)
    Unofficial.AssimpNet (3.3.3)
    Unofficial.LibTessDotNet (1.0.0)

GROUP Build
CONTENT: NONE
RESTRICTION: == net45
NUGET
  remote: https://api.nuget.org/v3/index.json
    FAKE (4.63) - content: none
    Mono.Cecil (0.10.0-beta6) - content: none
    SourceLink.Fake (1.1) - content: none
GITHUB
  remote: vrvis/Aardvark.Fake
    FULLPROJECT (850598ad8e27cef9d14cb0d4b88ba542c02a8a0d)
      FAKE (>= 4.63 < 4.64)
      Mono.Cecil (>= 0.10.0-beta6 < 0.11)
      SourceLink.Fake (>= 1.1 < 1.2)