RESTRICTION: == net45
NUGET
  remote: https://vrvis.myget.org/F/aardvark_public
    Aardvark.Base (3.0.26)
      DevILSharp (>= 0.0.11 < 0.1)
    Aardvark.Base.Essentials (3.0.26)
      Aardvark.Base (>= 3.0.26)
      System.Collections.Immutable (>= 1.2)
      System.Reactive.Linq (>= 3.0 < 3.1)
    Aardvark.Base.FSharp (3.0.26)
      Aardvark.Base (>= 3.0.26)
      DevILSharp (>= 0.0.11 < 0.1)
    Aardvark.Base.Incremental (3.0.26)
      Aardvark.Base (>= 3.0.26)
      Aardvark.Base.Essentials (>= 3.0.26)
      Aardvark.Base.FSharp (>= 3.0.26)
      System.Reactive.Core (>= 3.0 < 3.1)
      System.Reactive.Interfaces (>= 3.0 < 3.1)
      System.Reactive.Linq (>= 3.0 < 3.1)
    Aardvark.Base.Runtime (3.0.26)
      Aardvark.Base (>= 3.0.26)
      Aardvark.Base.Essentials (>= 3.0.26)
      Aardvark.Base.FSharp (>= 3.0.26)
      Aardvark.Base.Incremental (>= 3.0.26)
      System.Reactive.Core (>= 3.0 < 3.1)
      System.Reactive.Interfaces (>= 3.0 < 3.1)
      System.Reactive.Linq (>= 3.0 < 3.1)
    FShade (3.2.2)
      FShade.Core (3.2.2)
      FShade.GLSL (3.2.2)
      FShade.Imperative (3.2.2)
      FShade.SpirV (3.2.2)
    FShade.Core (3.2.2)
      Aardvark.Base (>= 3.0.16 < 3.1)
      Aardvark.Base.FSharp (>= 3.0.16 < 3.1)
      FShade.Imperative (>= 3.2.2)
    FShade.GLSL (3.2.2)
      Aardvark.Base (>= 3.0.16 < 3.1)
      Aardvark.Base.FSharp (>= 3.0.16 < 3.1)
      FShade.Core (>= 3.2.2)
      FShade.Imperative (>= 3.2.2)
    FShade.Imperative (3.2.2)
      Aardvark.Base (>= 3.0.16 < 3.1)
      Aardvark.Base.FSharp (>= 3.0.16 < 3.1)
    FShade.SpirV (3.2.2)
      Aardvark.Base (>= 3.0.16 < 3.1)
      Aardvark.Base.FSharp (>= 3.0.16 < 3.1)
      FShade.Core (>= 3.2.2)
      FShade.Imperative (>= 3.2.2)
    GLSLangSharp (0.3.2)
      Aardvark.Base (>= 2.4.1)
      Aardvark.Base.FSharp (>= 2.4.1)
    NanoVgSharp (2.1.0)
      Aardvark.Base (>= 2.1)
      Aardvark.Base.FSharp (>= 2.1)
      Aardvark.Base.Incremental (>= 2.1)
    Unofficial.AssimpNet (3.3.3)
    Unofficial.LibTessDotNet (1.0.0)
  remote: https://api.nuget.org/v3/index.json
    Another.Unofficial.Xilium.CefGlue.UnpackNativeDependencies (0.0.9)
      SharpZipLib (>= 0.86 < 0.87)
    BruTile (0.12)
    Clipper (6.4)
    CommonMark.NET (0.12)
    DevILSharp (0.0.13)
    DockPanelSuite (2.10.0-beta2)
    DockPanelSuite.ThemeVS2012Light (2.10.0-beta2)
      DockPanelSuite (>= 2.10.0-beta2)
    DockPanelSuite.ThemeVS2013Blue (2.10.0-beta2)
      DockPanelSuite (>= 2.10.0-beta2)
    FSharp.Charting (0.90.14)
    FSharp.Core (4.0.0.1)
    FSharp.Quotations.Evaluator (1.0.7)
    FsUnit (2.4.0-alpha-2)
    NUnit (3.6.1)
    NUnit.Console (3.6.1)
      NUnit.ConsoleRunner (>= 3.6.1)
      NUnit.Extension.NUnitProjectLoader (>= 3.5)
      NUnit.Extension.NUnitV2Driver (>= 3.6)
      NUnit.Extension.NUnitV2ResultWriter (>= 3.5)
      NUnit.Extension.TeamCityEventListener (>= 1.0.2)
      NUnit.Extension.VSProjectLoader (>= 3.5)
    NUnit.ConsoleRunner (3.6.1)
    NUnit.Extension.NUnitProjectLoader (3.5)
    NUnit.Extension.NUnitV2Driver (3.6)
    NUnit.Extension.NUnitV2ResultWriter (3.5)
    NUnit.Extension.TeamCityEventListener (1.0.2)
    NUnit.Extension.VSProjectLoader (3.5)
    OpenHardwareMonitor (0.7.1)
    SharpDX (4.0.1)
    SharpDX.Direct3D9 (4.0.1)
      SharpDX (>= 4.0.1)
    SharpZipLib (0.86)
    System.Collections.Immutable (1.3.1)
    System.Reactive.Core (3.0)
      System.Reactive.Interfaces (>= 3.0)
    System.Reactive.Interfaces (3.0)
    System.Reactive.Linq (3.0)
      System.Reactive.Core (>= 3.0)
      System.Reactive.Interfaces (>= 3.0)

GROUP Build
CONTENT: NONE
RESTRICTION: == net45
NUGET
  remote: https://api.nuget.org/v3/index.json
    Chessie (0.6) - content: none
      FSharp.Core
    FAKE (4.52) - content: none
    FSharp.Core (4.2.3) - content: none
    Mono.Cecil (0.10.0-beta6) - content: none
    SourceLink.Fake (1.1) - content: none
GITHUB
  remote: vrvis/Aardvark.Fake
    FULLPROJECT (23bfe16697a473e2b03b806b2d56cb05fb94828b)
      Chessie (>= 0.6 < 0.7)
      FAKE (>= 4.52 < 4.53)
      Mono.Cecil (>= 0.10.0-beta6 < 0.11)
      SourceLink.Fake (>= 1.1 < 1.2)