NUGET
  remote: https://vrvis.myget.org/F/aardvark_public/api/v2
  specs:
    Aardvark.Base (1.6.65)
      DevILSharp (>= 0.0.11 < 0.1.0)
    Aardvark.Base.Essentials (1.6.65)
      Aardvark.Base (>= 1.6.65)
      Rx-Linq (>= 2.2.5 < 2.3.0)
      System.Collections.Immutable (>= 1.1.36 < 1.2.0)
    Aardvark.Base.FSharp (1.6.65)
      Aardvark.Base (>= 1.6.65)
      DevILSharp (>= 0.0.11 < 0.1.0)
      FSharp.Compiler.Service (>= 0.0.90 < 0.1.0)
      RegexProvider (>= 0.0.5 < 0.1.0)
    Aardvark.Base.Incremental (1.6.65)
      Aardvark.Base (>= 1.6.65)
      Aardvark.Base.Essentials (>= 1.6.65)
      Aardvark.Base.FSharp (>= 1.6.65)
      FsPickler.Json (>= 1.8.0 < 1.9.0)
      Rx-Core (>= 2.2.5 < 2.3.0)
      Rx-Linq (>= 2.2.5 < 2.3.0)
    Aardvark.Base.Runtime (1.6.65)
      Aardvark.Base (1.6.65)
      Aardvark.Base.Essentials (1.6.65)
      Aardvark.Base.FSharp (1.6.65)
      Aardvark.Base.Incremental (1.6.65)
    FShade (1.6.10)
      Aardvark.Base (>= 1.6.0 < 1.7.0)
      Aardvark.Base.FSharp (>= 1.6.0 < 1.7.0)
      FSharp.Compiler.Service (>= 0.0.90 < 0.1.0)
    NanoVgSharp (0.0.11)
      Aardvark.Base (>= 1.6.0 < 1.7.0)
      Aardvark.Base.FSharp (>= 1.6.0 < 1.7.0)
      Aardvark.Base.Incremental (>= 1.6.0 < 1.7.0)
  remote: https://www.nuget.org/api/v2
  specs:
    AssimpNet (3.3.1)
    BruTile (0.12.0)
    DevILSharp (0.0.13)
    FSharp.Compiler.Service (0.0.90)
    FSharp.Quotations.Evaluator (1.0.7)
    FsPickler (1.8.0)
    FsPickler.Json (1.8.0)
      FsPickler (1.8.0)
      Newtonsoft.Json (>= 6.0.5)
    FsUnit (1.3.0.1)
      NUnit (>= 2.6.3)
    Newtonsoft.Json (8.0.2)
    NUnit (2.6.4)
    OpenHardwareMonitor (0.7.1)
    RegexProvider (0.0.5)
    Rx-Core (2.2.5)
      Rx-Interfaces (>= 2.2.5)
    Rx-Interfaces (2.2.5)
    Rx-Linq (2.2.5)
      Rx-Core (>= 2.2.5)
      Rx-Interfaces (>= 2.2.5)
    System.Collections (4.0.10) - framework: dnxcore50
      System.Diagnostics.Debug (>= 4.0.0) - framework: dnxcore50
      System.Resources.ResourceManager (>= 4.0.0) - framework: dnxcore50
      System.Runtime (>= 4.0.0) - framework: dnxcore50
      System.Runtime (>= 4.0.20) - framework: dnxcore50
      System.Runtime.Extensions (>= 4.0.0) - framework: dnxcore50
      System.Threading (>= 4.0.0) - framework: dnxcore50
    System.Collections.Immutable (1.1.37)
      System.Collections (>= 4.0.0) - framework: dnxcore50
      System.Diagnostics.Debug (>= 4.0.0) - framework: dnxcore50
      System.Globalization (>= 4.0.0) - framework: dnxcore50
      System.Linq (>= 4.0.0) - framework: dnxcore50
      System.Resources.ResourceManager (>= 4.0.0) - framework: dnxcore50
      System.Runtime (>= 4.0.0) - framework: dnxcore50
      System.Runtime.Extensions (>= 4.0.0) - framework: dnxcore50
      System.Threading (>= 4.0.0) - framework: dnxcore50
    System.Diagnostics.Debug (4.0.10) - framework: dnxcore50
      System.Runtime (>= 4.0.0) - framework: dnxcore50
    System.Globalization (4.0.10) - framework: dnxcore50
      System.Runtime (>= 4.0.0) - framework: dnxcore50
    System.IO (4.0.10) - framework: dnxcore50
      System.Globalization (>= 4.0.0) - framework: dnxcore50
      System.Runtime (>= 4.0.20) - framework: dnxcore50
      System.Text.Encoding (>= 4.0.0) - framework: dnxcore50
      System.Text.Encoding (>= 4.0.10) - framework: dnxcore50
      System.Text.Encoding.Extensions (>= 4.0.0) - framework: dnxcore50
      System.Threading (>= 4.0.0) - framework: dnxcore50
      System.Threading.Tasks (>= 4.0.0) - framework: dnxcore50
    System.Linq (4.0.0) - framework: dnxcore50
      System.Collections (>= 4.0.10) - framework: dnxcore50
      System.Diagnostics.Debug (>= 4.0.10) - framework: dnxcore50
      System.Resources.ResourceManager (>= 4.0.0) - framework: dnxcore50
      System.Runtime (>= 4.0.20) - framework: dnxcore50
      System.Runtime.Extensions (>= 4.0.10) - framework: dnxcore50
    System.Private.Uri (4.0.0) - framework: dnxcore50
    System.Reflection (4.0.10) - framework: dnxcore50
      System.IO (>= 4.0.0) - framework: dnxcore50
      System.Reflection.Primitives (>= 4.0.0) - framework: dnxcore50
      System.Runtime (>= 4.0.20) - framework: dnxcore50
    System.Reflection.Primitives (4.0.0) - framework: dnxcore50
      System.Runtime (>= 4.0.0) - framework: dnxcore50
      System.Threading (>= 4.0.0) - framework: dnxcore50
    System.Resources.ResourceManager (4.0.0) - framework: dnxcore50
      System.Globalization (>= 4.0.0) - framework: dnxcore50
      System.Reflection (>= 4.0.0) - framework: dnxcore50
      System.Reflection (>= 4.0.10) - framework: dnxcore50
      System.Runtime (>= 4.0.0) - framework: dnxcore50
      System.Runtime (>= 4.0.20) - framework: dnxcore50
    System.Runtime (4.0.20) - framework: dnxcore50
      System.Private.Uri (>= 4.0.0) - framework: dnxcore50
    System.Runtime.Extensions (4.0.10) - framework: dnxcore50
      System.Runtime (>= 4.0.20) - framework: dnxcore50
    System.Text.Encoding (4.0.10) - framework: dnxcore50
      System.Runtime (>= 4.0.0) - framework: dnxcore50
    System.Text.Encoding.Extensions (4.0.10) - framework: dnxcore50
      System.Runtime (>= 4.0.0) - framework: dnxcore50
      System.Text.Encoding (>= 4.0.10) - framework: dnxcore50
    System.Threading (4.0.10) - framework: dnxcore50
      System.Runtime (>= 4.0.0) - framework: dnxcore50
      System.Threading.Tasks (>= 4.0.0) - framework: dnxcore50
    System.Threading.Tasks (4.0.10) - framework: dnxcore50
      System.Runtime (>= 4.0.0) - framework: dnxcore50

GROUP Build
CONTENT: NONE
NUGET
  remote: https://www.nuget.org/api/v2
  specs:
    Chessie (0.4.0) - content: none
      FSharp.Core
    FAKE (4.17.1) - content: none
    FSharp.Core (4.0.0.1) - content: none
    Mono.Cecil (0.9.5.4) - content: none
    Newtonsoft.Json (8.0.2) - content: none
    Paket.Core (2.48.0) - content: none
      Chessie
      FSharp.Core
      Newtonsoft.Json
    SourceLink.Fake (1.1.0) - content: none
GITHUB
  remote: vrvis/Aardvark.Fake
  specs:
    FULLPROJECT (99e54e4563ce1b97c950e7789146c008d327b843)
      FAKE (>= 4.17.0 < 4.18.0)
      Mono.Cecil (>= 0.9.5.4 < 0.9.6.0)
      Paket.Core (2.48.0)
      SourceLink.Fake (>= 1.1.0 < 1.2.0)