NUGET
  remote: ../Aardvark.Base/bin
  specs:
    Aardvark.Base (1.3.5)
      DevILSharp (>= 0.0.9)
    Aardvark.Base.Essentials (1.3.5)
      Aardvark.Base (>= 1.3.5)
      Microsoft.Bcl.Immutable (>= 1.0.34)
      Rx-Core (>= 2.2.5)
      Rx-Interfaces (>= 2.2.5)
      Rx-Linq (>= 2.2.5)
      Rx-Main (>= 2.2.5)
      Rx-PlatformServices (>= 2.2.5)
    Aardvark.Base.FSharp (1.3.5)
      Aardvark.Base (>= 1.3.5)
      FSharp.Compiler.Service (>= 0.0.85)
      Microsoft.Bcl.Immutable (>= 1.0.34)
      NUnit (>= 2.6.4)
      RegexProvider (>= 0.0.4)
    Aardvark.Base.Incremental (1.3.5)
      Aardvark.Base (>= 1.3.5)
      Aardvark.Base.Essentials (>= 1.3.5)
      Aardvark.Base.FSharp (>= 1.3.5)
      FsUnit (>= 1.3.0.1)
      NUnit (>= 2.6.4)
      Rx-Core (>= 2.2.5)
      Rx-Interfaces (>= 2.2.5)
      Rx-Linq (>= 2.2.5)
      Rx-Main (>= 2.2.5)
      Rx-PlatformServices (>= 2.2.5)
  remote: https://nuget.org/api/v2
  specs:
    AssimpNet (3.3.1)
    BruTile (0.12.0)
    DevILSharp (0.0.9)
    FSharp.Compiler.Service (0.0.90)
    FSPowerPack.Community (3.0.0.0)
      FSPowerPack.Linq.Community
      FSPowerPack.Metadata.Community
      FSPowerPack.Parallel.Seq.Community
    FSPowerPack.Core.Community (3.0.0.0)
    FSPowerPack.Linq.Community (3.0.0.0)
      FSPowerPack.Core.Community
    FSPowerPack.Metadata.Community (3.0.0.0)
      FSPowerPack.Core.Community
    FSPowerPack.Parallel.Seq.Community (3.0.0.0)
      FSPowerPack.Core.Community
    FsUnit (1.3.0.1)
      NUnit (>= 2.6.3)
    Microsoft.Bcl.Immutable (1.0.34)
    NUnit (2.6.4)
    RegexProvider (0.0.5)
    Rx-Core (2.2.5)
      Rx-Interfaces (>= 2.2.5)
    Rx-Interfaces (2.2.5)
    Rx-Linq (2.2.5)
      Rx-Core (>= 2.2.5)
      Rx-Interfaces (>= 2.2.5)
    Rx-Main (2.2.5)
      Rx-Core (>= 2.2.5)
      Rx-Interfaces (>= 2.2.5)
      Rx-Linq (>= 2.2.5)
      Rx-PlatformServices (>= 2.2.5)
    Rx-PlatformServices (2.2.5)
      Rx-Core (>= 2.2.5)
      Rx-Interfaces (>= 2.2.5)
  remote: \\hobel\nuget
  specs:
    FShade (1.3.5)
      Aardvark.Base (>= 1.3.5)
      Aardvark.Base.FSharp (>= 1.3.5)
      FSharp.Compiler.Service (>= 0.0.85)
      NUnit (>= 2.6.4)
      RegexProvider (>= 0.0.4)
